PATH
  remote: .
  specs:
    bitmovin-api (0.0.4)

GEM
  remote: https://rubygems.org/
  specs:
    addressable (2.5.0)
      public_suffix (~> 2.0, >= 2.0.2)
    apib-mock_server (1.0.3)
      addressable
      rack
      redsnow (>= 0.4.3)
    byebug (9.0.4)
    coderay (1.1.1)
    crack (0.4.3)
      safe_yaml (~> 1.0.0)
    ffi (1.9.17)
    formatador (0.2.5)
    guard (2.14.1)
      formatador (>= 0.2.4)
      listen (>= 2.7, < 4.0)
      lumberjack (~> 1.0)
      nenv (~> 0.1)
      notiffany (~> 0.0)
      pry (>= 0.9.12)
      shellany (~> 0.0)
      thor (>= 0.18.1)
    guard-compat (1.2.1)
    guard-minitest (2.4.6)
      guard-compat (~> 1.2)
      minitest (>= 3.0)
    hashdiff (0.3.0)
    listen (3.0.8)
      rb-fsevent (~> 0.9, >= 0.9.4)
      rb-inotify (~> 0.9, >= 0.9.7)
    lumberjack (1.0.11)
    method_source (0.8.2)
    minitest (5.10.1)
    minitest-color (0.0.2)
      minitest (~> 5)
    nenv (0.3.0)
    notiffany (0.1.1)
      nenv (~> 0.1)
      shellany (~> 0.0)
    pry (0.10.4)
      coderay (~> 1.1.0)
      method_source (~> 0.8.1)
      slop (~> 3.4)
    public_suffix (2.0.5)
    rack (1.6.5)
    rake (11.2.2)
    rb-fsevent (0.9.8)
    rb-inotify (0.9.8)
      ffi (>= 0.5.0)
    redsnow (0.4.4)
      bundler (>= 1.7.0)
      ffi (~> 1.9.3)
      rake (>= 10.3.2)
      yard (~> 0.9.5)
    safe_yaml (1.0.4)
    shellany (0.0.1)
    slop (3.6.0)
    thor (0.19.4)
    webmock (1.24.6)
      addressable (>= 2.3.6)
      crack (>= 0.3.2)
      hashdiff
    yard (0.9.8)

PLATFORMS
  ruby

DEPENDENCIES
  apib-mock_server (~> 1.0, > 1.0)
  bitmovin-api!
  byebug (~> 9)
  guard (~> 2.14)
  guard-minitest (~> 2.4)
  minitest-color (~> 0.0, >= 0.0.1)
  rake (~> 11.1)
  webmock (~> 1.24)
  yard (~> 0.9)

BUNDLED WITH
   1.14.3
